GEM
  remote: https://rubygems.org/
  specs:
    diff-lcs (1.3)
    erubis (2.7.0)
    excon (0.76.0)
    heroics (0.1.1)
      erubis (~> 2.0)
      excon
      moneta
      multi_json (>= 1.9.2)
    heroku_hatchet (7.0.0)
      excon (~> 0)
      platform-api (~> 3)
      rrrretry (~> 1)
      thor (~> 0)
      threaded (~> 0)
    moneta (1.0.0)
    multi_json (1.15.0)
    parallel (1.19.2)
    parallel_tests (3.1.0)
      parallel
    platform-api (3.0.0)
      heroics (~> 0.1.1)
      moneta (~> 1.0.0)
      rate_throttle_client (~> 0.1.0)
    rate_throttle_client (0.1.2)
    rrrretry (1.0.0)
    rspec-core (3.8.0)
      rspec-support (~> 3.8.0)
    rspec-expectations (3.8.3)
      diff-lcs (>= 1.2.0, < 2.0)
      rspec-support (~> 3.8.0)
    rspec-retry (0.6.1)
      rspec-core (> 3.3)
    rspec-support (3.8.0)
    thor (0.20.3)
    threaded (0.0.4)

PLATFORMS
  ruby

DEPENDENCIES
  heroku_hatchet
  parallel_tests
  rspec-expectations
  rspec-retry

BUNDLED WITH
   1.17.3
